GEM
  remote: https://rubygems.org/
  specs:
    awesome_print (1.8.0)
    builder (3.2.3)
    calabash-android (0.9.5)
      awesome_print (~> 1.2)
      cucumber (~> 2.0)
      escape (~> 0.0.4)
      httpclient (>= 2.7.1, < 3.0)
      json (~> 1.8)
      luffa
      rubyzip (>= 1.2.2)
      slowhandcuke (~> 0.0.3)
    cucumber (2.99.0)
      builder (>= 2.1.2)
      cucumber-core (~> 1.5.0)
      cucumber-wire (~> 0.0.1)
      diff-lcs (>= 1.1.3)
      gherkin (~> 4.0)
      multi_json (>= 1.7.5, < 2.0)
      multi_test (>= 0.1.2)
    cucumber-core (1.5.0)
      gherkin (~> 4.0)
    cucumber-wire (0.0.1)
    diff-lcs (1.3)
    escape (0.0.4)
    gherkin (4.1.3)
    httpclient (2.8.3)
    json (1.8.6)
    luffa (2.0.0)
      awesome_print (~> 1.2)
      json (~> 1.8)
      retriable (>= 1.3.3.1, < 2.1)
      thor (~> 0.19)
    multi_json (1.13.1)
    multi_test (0.1.2)
    retriable (2.0.2)
    rspec (3.7.0)
      rspec-core (~> 3.7.0)
      rspec-expectations (~> 3.7.0)
      rspec-mocks (~> 3.7.0)
    rspec-core (3.7.1)
      rspec-support (~> 3.7.0)
    rspec-expectations (3.7.0)
      diff-lcs (>= 1.2.0, < 2.0)
      rspec-support (~> 3.7.0)
    rspec-mocks (3.7.0)
      diff-lcs (>= 1.2.0, < 2.0)
      rspec-support (~> 3.7.0)
    rspec-support (3.7.1)
    rubyzip (1.2.1)
    slowhandcuke (0.0.3)
      cucumber
    thor (0.20.0)

PLATFORMS
  ruby

DEPENDENCIES
  calabash-android
  cucumber
  rspec

BUNDLED WITH
   1.16.2
